PATH
  remote: .
  specs:
    pcap2json (0.1.0)
      command_lion (~> 2.0.1)
      oj (~> 3.7.11)
      packetgen (~> 3.1.2)

GEM
  remote: https://rubygems.org/
  specs:
    coderay (1.1.2)
    command_lion (2.0.1)
    diff-lcs (1.3)
    interfacez (1.0.3)
    method_source (0.9.2)
    oj (3.7.12)
    packetgen (3.1.5)
      interfacez (~> 1.0)
      pcaprub (~> 0.12.4)
      rasn1 (~> 0.7, >= 0.7.1)
    pcaprub (0.12.4)
    pry (0.12.2)
      coderay (~> 1.1.0)
      method_source (~> 0.9.0)
    rake (13.0.1)
    rasn1 (0.7.1)
    rspec (3.8.0)
      rspec-core (~> 3.8.0)
      rspec-expectations (~> 3.8.0)
      rspec-mocks (~> 3.8.0)
    rspec-core (3.8.0)
      rspec-support (~> 3.8.0)
    rspec-expectations (3.8.2)
      diff-lcs (>= 1.2.0, < 2.0)
      rspec-support (~> 3.8.0)
    rspec-mocks (3.8.0)
      diff-lcs (>= 1.2.0, < 2.0)
      rspec-support (~> 3.8.0)
    rspec-support (3.8.0)

PLATFORMS
  ruby

DEPENDENCIES
  bundler (~> 1.17)
  pcap2json!
  pry (~> 0.12.2)
  rake (~> 13.0)
  rspec (~> 3.8.0)

BUNDLED WITH
   1.17.2
